GEM
  remote: http://rubygems.org/
  specs:
    SystemTimer (1.2.3)
    addressable (2.2.7)
    anemone (0.7.1)
      nokogiri (>= 1.3.0)
      robotex (>= 1.0.0)
    cgi_multipart_eof_fix (2.5.0)
    crack (0.3.1)
    curb (0.8.5)
    daemons (1.1.8)
    domain_name (0.5.3)
      unf (~> 0.0.3)
    fastercsv (1.5.4)
    fastthread (1.0.7)
    gem_plugin (0.2.3)
    haml (3.1.4)
    httparty (0.8.3)
      multi_json (~> 1.0)
      multi_xml
    json (1.7.6)
    mechanize (2.3)
      domain_name (~> 0.5, >= 0.5.1)
      mime-types (~> 1.17, >= 1.17.2)
      net-http-digest_auth (~> 1.1, >= 1.1.1)
      net-http-persistent (~> 2.5, >= 2.5.2)
      nokogiri (~> 1.4)
      ntlm-http (~> 0.1, >= 0.1.1)
      webrobots (~> 0.0, >= 0.0.9)
    mime-types (1.17.2)
    minitest (2.11.4)
    minitest-colorize (0.0.4)
      minitest (~> 2.0)
    mock_redis (0.4.1)
    mongrel (1.1.5)
      cgi_multipart_eof_fix (>= 2.4)
      daemons (>= 1.0.3)
      fastthread (>= 1.0.1)
      gem_plugin (>= 0.2.3)
    multi_json (1.3.6)
    multi_xml (0.5.1)
    net-http-digest_auth (1.2)
    net-http-persistent (2.6)
    nokogiri (1.5.2)
    ntlm-http (0.1.1)
    puma (1.2.2)
      rack (~> 1.2)
    rack (1.4.1)
    rack-protection (1.2.0)
      rack
    rake (0.9.2.2)
    redis (2.2.2)
    robotex (1.0.0)
    sinatra (1.3.2)
      rack (~> 1.3, >= 1.3.6)
      rack-protection (~> 1.2)
      tilt (~> 1.3, >= 1.3.3)
    sinatra-flash (0.3.0)
      sinatra (>= 1.0.0)
    tilt (1.3.3)
    trollop (1.16.2)
    unf (0.0.5)
      unf_ext
    unf_ext (0.0.4)
    webmock (1.8.4)
      addressable (>= 2.2.7)
      addressable (>= 2.2.7)
      crack (>= 0.1.7)
      crack (>= 0.1.7)
    webrobots (0.0.13)

PLATFORMS
  ruby

DEPENDENCIES
  SystemTimer
  addressable
  anemone
  curb
  fastercsv
  haml
  httparty
  json
  mechanize
  minitest
  minitest-colorize
  mock_redis
  mongrel
  puma
  rake
  redis
  sinatra
  sinatra-flash
  trollop
  webmock
