GEM
  remote: http://rubygems.org/
  specs:
    SystemTimer (1.2.3)
    addressable (2.2.7)
    anemone (0.7.1)
      nokogiri (>= 1.3.0)
      robotex (>= 1.0.0)
    crack (0.3.1)
    minitest (2.11.4)
    minitest-colorize (0.0.4)
      minitest (~> 2.0)
    nokogiri (1.5.2)
    rake (0.9.2)
    redis (2.2.2)
    robotex (1.0.0)
    trollop (1.16.2)
    webmock (1.8.4)
      addressable (>= 2.2.7)
      addressable (>= 2.2.7)
      crack (>= 0.1.7)
      crack (>= 0.1.7)

PLATFORMS
  ruby

DEPENDENCIES
  SystemTimer
  anemone
  minitest
  minitest-colorize
  rake
  redis
  trollop
  webmock
