GEM
  remote: http://rubygems.org/
  specs:
    RedCloth (4.2.8)
    bcrypt-ruby (2.1.4)
    daemons (1.1.4)
    eventmachine (0.12.10)
    haml (3.1.3)
    kgio (2.7.4)
    rack (1.3.4)
    rack-protection (1.1.4)
      rack
    raindrops (0.8.0)
    sinatra (1.3.1)
      rack (~> 1.3, >= 1.3.4)
      rack-protection (~> 1.1, >= 1.1.2)
      tilt (~> 1.3, >= 1.3.3)
    sinatra-flash (0.3.0)
      sinatra (>= 1.0.0)
    thin (1.2.11)
      daemons (>= 1.0.9)
      eventmachine (>= 0.12.6)
      rack (>= 1.0.0)
    tilt (1.3.3)
    unicorn (4.2.0)
      kgio (~> 2.6)
      rack
      raindrops (~> 0.7)
    warden (1.0.6)
      rack (>= 1.0)

PLATFORMS
  ruby

DEPENDENCIES
  RedCloth
  bcrypt-ruby
  haml
  sinatra
  sinatra-flash
  thin
  unicorn
  warden
